GEM
  remote: https://rubygems.org/
  specs:
    sass (3.3.8)
    sass-globbing (1.1.1)
      sass (>= 3.1)
    susy (2.1.2)
      sass (~> 3.3.0)

PLATFORMS
  ruby

DEPENDENCIES
  sass (~> 3.3.3)
  sass-globbing (~> 1.1.1)
  susy
